GEM
  remote: https://rubygems.org/
  specs:
    archive-zip (0.6.0)
      io-like (>= 0.3.0)
    gqtp (1.0.6)
    groonga-client (0.0.8)
      gqtp (>= 1.0.4)
      groonga-command (>= 1.0.4)
    groonga-command (1.0.7)
      json
    haml (4.0.5)
      tilt
    io-like (0.3.0)
    json (1.8.1)
    pkg-config (1.1.5)
    rack (1.5.2)
    rack-protection (1.5.3)
      rack
    rroonga (4.0.2)
      archive-zip
      groonga-client (>= 0.0.3)
      json
      pkg-config
    sinatra (1.4.5)
      rack (~> 1.4)
      rack-protection (~> 1.4)
      tilt (~> 1.3, >= 1.3.4)
    tilt (1.4.1)

PLATFORMS
  ruby

DEPENDENCIES
  haml
  rroonga
  sinatra
