GEM
  remote: https://rubygems.org/
  specs:
    archive-zip (0.6.0)
      io-like (>= 0.3.0)
    haml (4.0.3)
      tilt
    io-like (0.3.0)
    json (1.8.0)
    pkg-config (1.1.4)
    rack (1.5.2)
    rack-protection (1.5.0)
      rack
    rroonga (3.0.2)
      archive-zip
      json
      pkg-config
    sinatra (1.4.3)
      rack (~> 1.4)
      rack-protection (~> 1.4)
      tilt (~> 1.3, >= 1.3.4)
    tilt (1.4.1)

PLATFORMS
  ruby

DEPENDENCIES
  haml
  rroonga
  sinatra
